GIT
  remote: git://github.com/rack/rack.git
  revision: 404f2f167f9f7d89d0662870ed13cde827703139
  specs:
    rack (1.3.0)

GIT
  remote: git://github.com/rails/arel.git
  revision: 593002080cbcbb6e14acf3bc909aab819811f215
  specs:
    arel (2.1.1.20110518143805)

GIT
  remote: git://github.com/rails/rails.git
  revision: a1e78cfc36960569cf8cd380d9656ac6c14015ae
  specs:
    actionmailer (3.1.0.rc1)
      actionpack (= 3.1.0.rc1)
      mail (~> 2.3.0)
    actionpack (3.1.0.rc1)
      activemodel (= 3.1.0.rc1)
      activesupport (= 3.1.0.rc1)
      builder (~> 3.0.0)
      erubis (~> 2.7.0)
      i18n (~> 0.6)
      rack (~> 1.3.0)
      rack-cache (~> 1.0.1)
      rack-mount (~> 0.8.1)
      rack-test (~> 0.6.0)
      sprockets (~> 2.0.0.beta.10)
      tzinfo (~> 0.3.27)
    activemodel (3.1.0.rc1)
      activesupport (= 3.1.0.rc1)
      bcrypt-ruby (~> 2.1.4)
      builder (~> 3.0.0)
      i18n (~> 0.6)
    activerecord (3.1.0.rc1)
      activemodel (= 3.1.0.rc1)
      activesupport (= 3.1.0.rc1)
      arel (~> 2.1.1)
      tzinfo (~> 0.3.27)
    activeresource (3.1.0.rc1)
      activemodel (= 3.1.0.rc1)
      activesupport (= 3.1.0.rc1)
    activesupport (3.1.0.rc1)
      i18n (~> 0.6)
      multi_json (~> 1.0)
    rails (3.1.0.rc1)
      actionmailer (= 3.1.0.rc1)
      actionpack (= 3.1.0.rc1)
      activerecord (= 3.1.0.rc1)
      activeresource (= 3.1.0.rc1)
      activesupport (= 3.1.0.rc1)
      bundler (~> 1.0)
      railties (= 3.1.0.rc1)
    railties (3.1.0.rc1)
      actionpack (= 3.1.0.rc1)
      activesupport (= 3.1.0.rc1)
      rack-ssl (~> 1.3.2)
      rake (>= 0.8.7)
      thor (~> 0.14.6)

GIT
  remote: git://github.com/sstephenson/sprockets.git
  revision: f34395cdc4db915a8710a73fe676bb68075610e7
  specs:
    sprockets (2.0.0.beta.10)
      hike (~> 1.0)
      rack (~> 1.0)
      tilt (~> 1.1, != 1.3.0)

GEM
  remote: http://rubygems.org/
  specs:
    bcrypt-ruby (2.1.4)
    builder (3.0.0)
    capybara (0.4.1.2)
      celerity (>= 0.7.9)
      culerity (>= 0.2.4)
      mime-types (>= 1.16)
      nokogiri (>= 1.3.3)
      rack (>= 1.0.0)
      rack-test (>= 0.5.4)
      selenium-webdriver (>= 0.0.27)
      xpath (~> 0.1.3)
    celerity (0.8.9)
    childprocess (0.1.9)
      ffi (~> 1.0.6)
    coffee-script (2.2.0)
      coffee-script-source
      execjs
    coffee-script-source (1.1.1)
    cucumber (0.10.6)
      builder (>= 2.1.2)
      diff-lcs (>= 1.1.2)
      gherkin (~> 2.4.0)
      json (>= 1.4.6)
      term-ansicolor (>= 1.0.5)
    cucumber-rails (0.4.1)
      cucumber (>= 0.10.1)
      nokogiri (>= 1.4.4)
      rack-test (>= 0.5.7)
    culerity (0.2.15)
    database_cleaner (0.6.7)
    devise (1.3.4)
      bcrypt-ruby (~> 2.1.2)
      orm_adapter (~> 0.0.3)
      warden (~> 1.0.3)
    diff-lcs (1.1.2)
    dynamic_form (1.1.4)
    email_spec (1.1.1)
      rspec (~> 2.0)
    erubis (2.7.0)
    execjs (1.1.0)
      multi_json (~> 1.0)
    factory_girl (1.3.3)
    ffi (1.0.9)
    gherkin (2.4.0)
      json (>= 1.4.6)
    hike (1.0.0)
    i18n (0.6.0)
    json (1.5.1)
    json_pure (1.5.1)
    mail (2.3.0)
      i18n (>= 0.4.0)
      mime-types (~> 1.16)
      treetop (~> 1.4.8)
    mime-types (1.16)
    multi_json (1.0.3)
    nokogiri (1.4.4)
    orm_adapter (0.0.5)
    polyglot (0.3.1)
    rack-cache (1.0.2)
      rack (>= 0.4)
    rack-mount (0.8.1)
      rack (>= 1.0.0)
    rack-ssl (1.3.2)
      rack
    rack-test (0.6.0)
      rack (>= 1.0)
    rake (0.9.2)
    rspec (2.6.0)
      rspec-core (~> 2.6.0)
      rspec-expectations (~> 2.6.0)
      rspec-mocks (~> 2.6.0)
    rspec-core (2.6.4)
    rspec-expectations (2.6.0)
      diff-lcs (~> 1.1.2)
    rspec-mocks (2.6.0)
    rspec-rails (2.6.1)
      actionpack (~> 3.0)
      activesupport (~> 3.0)
      railties (~> 3.0)
      rspec (~> 2.6.0)
    rubyzip (0.9.4)
    sass (3.1.2)
    selenium-webdriver (0.2.1)
      childprocess (>= 0.1.7)
      ffi (>= 1.0.7)
      json_pure
      rubyzip
    sqlite3 (1.3.3)
    term-ansicolor (1.0.5)
    thor (0.14.6)
    tilt (1.3.2)
    treetop (1.4.9)
      polyglot (>= 0.3.1)
    tzinfo (0.3.27)
    warden (1.0.4)
      rack (>= 1.0)
    xpath (0.1.4)
      nokogiri (~> 1.3)

PLATFORMS
  ruby

DEPENDENCIES
  arel!
  capybara
  coffee-script
  cucumber-rails
  database_cleaner
  devise
  dynamic_form
  email_spec
  factory_girl
  rack!
  rails!
  rspec-rails (~> 2.3)
  sass (~> 3.1.0.alpha)
  sprockets!
  sqlite3
